PATH
  remote: .
  specs:
    project (0.0.1)

GEM
  remote: https://rubygems.org/
  specs:
    active_support (3.0.0)
      activesupport (= 3.0.0)
    activesupport (3.0.0)
    git (1.2.5)
    rake (10.1.0)

PLATFORMS
  ruby

DEPENDENCIES
  active_support
  bundler (~> 1.3)
  git
  project!
  rake
